PATH
  remote: .
  specs:
    terminal-share (0.1.2)

GEM
  remote: http://rubygems.org/
  specs:
    rake (0.9.2.2)
    rspec (0.6.4)

PLATFORMS
  ruby

DEPENDENCIES
  rake (~> 0.9.2)
  rspec (~> 0.6.1)
  terminal-share!
